GEM
  remote: http://rubygems.org/
  specs:
    activesupport (3.1.8)
      multi_json (>= 1.0, < 1.3)
    albino (1.3.3)
      posix-spawn (>= 0.3.6)
    builder (3.1.4)
    classifier (1.3.3)
      fast-stemmer (>= 1.0.0)
    curb (0.7.18)
    directory_watcher (1.4.1)
    fast-stemmer (1.0.1)
    feedzirra (0.1.3)
      activesupport (~> 3.1.1)
      builder (>= 2.1.2)
      curb (~> 0.7.15)
      i18n (>= 0.5.0)
      loofah (~> 1.2.0)
      nokogiri (>= 1.4.4)
      rake (>= 0.8.7)
      rdoc (~> 3.8)
      sax-machine (~> 0.1.0)
    i18n (0.6.1)
    jekyll (0.11.2)
      albino (~> 1.3)
      classifier (~> 1.3)
      directory_watcher (~> 1.1)
      kramdown (~> 0.13)
      liquid (~> 2.3)
      maruku (~> 0.5)
    json (1.7.5)
    kramdown (0.13.7)
    liquid (2.3.0)
    loofah (1.2.1)
      nokogiri (>= 1.4.4)
    maruku (0.6.0)
      syntax (>= 1.0.0)
    multi_json (1.2.0)
    nokogiri (1.5.5)
    posix-spawn (0.3.6)
    rake (0.9.2.2)
    rdiscount (1.6.8)
    rdoc (3.12)
      json (~> 1.4)
    sax-machine (0.1.0)
      nokogiri (> 0.0.0)
    syntax (1.0.0)

PLATFORMS
  ruby

DEPENDENCIES
  feedzirra
  jekyll
  rdiscount
